GEM
  remote: http://rubygems.org/
  specs:
    google-protobuf (3.19.6)

PLATFORMS
  ruby

DEPENDENCIES
  google-protobuf (~> 3.19)

BUNDLED WITH
   1.13.1
