GEM
  remote: http://rubygems.org/
  specs:
    google-protobuf (3.25.5)

PLATFORMS
  ruby

DEPENDENCIES
  google-protobuf (~> 3.25)

BUNDLED WITH
   1.13.1
